PATH
  remote: .
  specs:
    skyjam (0.0.0)
      oauth2
      ruby_protobuf

GEM
  remote: https://rubygems.org/
  specs:
    coderay (1.0.9)
    faraday (0.8.7)
      multipart-post (~> 1.1)
    httpauth (0.2.0)
    jwt (0.1.8)
      multi_json (>= 1.5)
    method_source (0.8.1)
    multi_json (1.7.7)
    multi_xml (0.5.4)
    multipart-post (1.2.0)
    oauth2 (0.9.2)
      faraday (~> 0.8)
      httpauth (~> 0.2)
      jwt (~> 0.1.4)
      multi_json (~> 1.0)
      multi_xml (~> 0.5)
      rack (~> 1.2)
    pry (0.9.12.1)
      coderay (~> 1.0.5)
      method_source (~> 0.8)
      slop (~> 3.4)
    rack (1.5.2)
    ruby_protobuf (0.4.11)
    slop (3.4.4)

PLATFORMS
  ruby

DEPENDENCIES
  pry
  skyjam!
